PATH
  remote: .
  specs:
    cassandra-driver (3.0.0.beta.1)
      ione (~> 1.2)

GEM
  remote: https://rubygems.org/
  specs:
    aruba (0.6.1)
      childprocess (>= 0.3.6)
      cucumber (>= 1.1.1)
      rspec-expectations (>= 2.7.0)
    builder (3.2.2)
    childprocess (0.5.3)
      ffi (~> 1.0, >= 1.0.11)
    chronic (0.10.2)
    cliver (0.3.2)
    cucumber (1.3.18)
      builder (>= 2.1.2)
      diff-lcs (>= 1.1.3)
      gherkin (~> 2.12)
      multi_json (>= 1.7.5, < 2.0)
      multi_test (>= 0.1.1)
    delorean (2.1.0)
      chronic
    diff-lcs (1.2.5)
    docile (1.1.5)
    ffi (1.9.3)
    ffi (1.9.3-java)
    gherkin (2.12.2)
      multi_json (~> 1.3)
    gherkin (2.12.2-java)
      multi_json (~> 1.3)
    ione (1.2.0)
    lz4-ruby (0.3.3)
    lz4-ruby (0.3.3-java)
    minitest (2.2.2)
    multi_json (1.10.1)
    multi_test (0.1.2)
    os (0.9.6)
    perftools.rb (2.0.1)
    rake (10.3.2)
    rake-compiler (0.9.3)
      rake
    rspec (3.1.0)
      rspec-core (~> 3.1.0)
      rspec-expectations (~> 3.1.0)
      rspec-mocks (~> 3.1.0)
    rspec-collection_matchers (1.0.0)
      rspec-expectations (>= 2.99.0.beta1)
    rspec-core (3.1.4)
      rspec-support (~> 3.1.0)
    rspec-expectations (3.1.1)
      diff-lcs (>= 1.2.0, < 2.0)
      rspec-support (~> 3.1.0)
    rspec-mocks (3.1.1)
      rspec-support (~> 3.1.0)
    rspec-support (3.1.0)
    rspec-wait (0.0.4)
      rspec (>= 2.11, < 3.2)
    simplecov (0.9.0)
      docile (~> 1.1.0)
      multi_json
      simplecov-html (~> 0.8.0)
    simplecov-html (0.8.0)
    snappy (0.0.10)
    snappy (0.0.10-java)
      snappy-jars (~> 1.1.0)
    snappy-jars (1.1.0.1.2-java)
    yard (0.8.7.4)

PLATFORMS
  java
  ruby

DEPENDENCIES
  aruba
  bundler (~> 1.6)
  cassandra-driver!
  cliver
  cucumber
  delorean
  lz4-ruby
  minitest
  os
  perftools.rb
  rake (~> 10.0)
  rake-compiler
  rspec
  rspec-collection_matchers
  rspec-wait
  simplecov
  snappy
  yard

BUNDLED WITH
   1.10.6
